GEM
  remote: https://rubygems.org/
  specs:
    actionpack (7.0.4)
      actionview (= 7.0.4)
      activesupport (= 7.0.4)
      rack (~> 2.0, >= 2.2.0)
      rack-test (>= 0.6.3)
      rails-dom-testing (~> 2.0)
      rails-html-sanitizer (~> 1.0, >= 1.2.0)
    actionview (7.0.4)
      activesupport (= 7.0.4)
      builder (~> 3.1)
      erubi (~> 1.4)
      rails-dom-testing (~> 2.0)
      rails-html-sanitizer (~> 1.1, >= 1.2.0)
    activesupport (7.0.4)
      concurrent-ruby (~> 1.0, >= 1.0.2)
      i18n (>= 1.6, < 2)
      minitest (>= 5.1)
      tzinfo (~> 2.0)
    addressable (2.8.1)
      public_suffix (>= 2.0.2, < 6.0)
    amq-protocol (2.3.2)
    ast (2.4.2)
    aws-eventstream (1.2.0)
    aws-partitions (1.668.0)
    aws-sdk-core (3.168.2)
      aws-eventstream (~> 1, >= 1.0.2)
      aws-partitions (~> 1, >= 1.651.0)
      aws-sigv4 (~> 1.5)
      jmespath (~> 1, >= 1.6.1)
    aws-sdk-ec2 (1.353.0)
      aws-sdk-core (~> 3, >= 3.165.0)
      aws-sigv4 (~> 1.1)
    aws-sigv4 (1.5.2)
      aws-eventstream (~> 1, >= 1.0.2)
    brakeman (5.3.1)
    builder (3.2.4)
    bunny (2.19.0)
      amq-protocol (~> 2.3, >= 2.3.1)
      sorted_set (~> 1, >= 1.0.2)
    byebug (11.1.3)
    capybara (3.37.1)
      addressable
      matrix
      mini_mime (>= 0.1.3)
      nokogiri (~> 1.8)
      rack (>= 1.6.0)
      rack-test (>= 0.6.3)
      regexp_parser (>= 1.5, < 3.0)
      xpath (~> 3.2)
    childprocess (4.1.0)
    climate_control (1.2.0)
    coderay (1.1.3)
    concurrent-ruby (1.1.10)
    crack (0.4.5)
      rexml
    crass (1.0.6)
    diff-lcs (1.5.0)
    docile (1.4.0)
    e2mmap (0.1.0)
    erubi (1.11.0)
    foreman (0.87.2)
    govuk_app_config (4.11.0)
      logstasher (~> 2.1)
      plek (>= 4, < 6)
      prometheus_exporter (~> 2.0)
      puma (>= 5.6, < 7.0)
      rack-proxy (~> 0.7)
      sentry-rails (~> 5.3)
      sentry-ruby (~> 5.3)
      statsd-ruby (~> 1.5)
      unicorn (~> 6.1)
    govuk_message_queue_consumer (4.0.0)
      bunny (~> 2.11)
    govuk_test (3.0.1)
      brakeman (>= 5.0.2)
      capybara (>= 3.36)
      puma
      selenium-webdriver (>= 4.0)
    hashdiff (1.0.1)
    i18n (1.12.0)
      concurrent-ruby (~> 1.0)
    jmespath (1.6.2)
    json (2.6.2)
    kgio (2.11.4)
    logstasher (2.1.5)
      activesupport (>= 5.2)
      request_store
    loofah (2.19.0)
      crass (~> 1.0.2)
      nokogiri (>= 1.5.9)
    matrix (0.4.2)
    method_source (1.0.0)
    mini_mime (1.1.2)
    mini_portile2 (2.8.0)
    minitest (5.16.3)
    nio4r (2.5.8)
    nokogiri (1.13.10)
      mini_portile2 (~> 2.8.0)
      racc (~> 1.4)
    parallel (1.22.1)
    parser (3.1.3.0)
      ast (~> 2.4.1)
    plek (5.0.0)
    prometheus_exporter (2.0.6)
      webrick
    pry (0.14.1)
      coderay (~> 1.1)
      method_source (~> 1.0)
    public_suffix (5.0.0)
    puma (6.0.0)
      nio4r (~> 2.0)
    racc (1.6.1)
    rack (2.2.4)
    rack-proxy (0.7.4)
      rack
    rack-test (2.0.2)
      rack (>= 1.3)
    rails-dom-testing (2.0.3)
      activesupport (>= 4.2.0)
      nokogiri (>= 1.6)
    rails-html-sanitizer (1.4.3)
      loofah (~> 2.3)
    railties (7.0.4)
      actionpack (= 7.0.4)
      activesupport (= 7.0.4)
      method_source
      rake (>= 12.2)
      thor (~> 1.0)
      zeitwerk (~> 2.5)
    rainbow (3.1.1)
    raindrops (0.20.0)
    rake (13.0.6)
    rbtree (0.4.5)
    regexp_parser (2.6.1)
    request_store (1.5.1)
      rack (>= 1.4)
    rexml (3.2.5)
    rspec-core (3.12.0)
      rspec-support (~> 3.12.0)
    rspec-expectations (3.12.0)
      diff-lcs (>= 1.2.0, < 2.0)
      rspec-support (~> 3.12.0)
    rspec-mocks (3.12.1)
      diff-lcs (>= 1.2.0, < 2.0)
      rspec-support (~> 3.12.0)
    rspec-support (3.12.0)
    rubocop (1.39.0)
      json (~> 2.3)
      parallel (~> 1.10)
      parser (>= 3.1.2.1)
      rainbow (>= 2.2.2, < 4.0)
      regexp_parser (>= 1.8, < 3.0)
      rexml (>= 3.2.5, < 4.0)
      rubocop-ast (>= 1.23.0, < 2.0)
      ruby-progressbar (~> 1.7)
      unicode-display_width (>= 1.4.0, < 3.0)
    rubocop-ast (1.23.0)
      parser (>= 3.1.1.0)
    rubocop-govuk (4.9.0)
      rubocop (= 1.39.0)
      rubocop-ast (= 1.23.0)
      rubocop-rails (= 2.17.3)
      rubocop-rake (= 0.6.0)
      rubocop-rspec (= 2.15.0)
    rubocop-rails (2.17.3)
      activesupport (>= 4.2.0)
      rack (>= 1.1)
      rubocop (>= 1.33.0, < 2.0)
    rubocop-rake (0.6.0)
      rubocop (~> 1.0)
    rubocop-rspec (2.15.0)
      rubocop (~> 1.33)
    ruby-progressbar (1.11.0)
    rubyzip (2.3.2)
    selenium-webdriver (4.4.0)
      childprocess (>= 0.5, < 5.0)
      rexml (~> 3.2, >= 3.2.5)
      rubyzip (>= 1.2.2, < 3.0)
      websocket (~> 1.0)
    sentry-rails (5.6.0)
      railties (>= 5.0)
      sentry-ruby (~> 5.6.0)
    sentry-ruby (5.6.0)
      concurrent-ruby (~> 1.0, >= 1.0.2)
    set (1.0.3)
    simplecov (0.21.2)
      docile (~> 1.1)
      simplecov-html (~> 0.11)
      simplecov_json_formatter (~> 0.1)
    simplecov-html (0.12.3)
    simplecov_json_formatter (0.1.4)
    sorted_set (1.0.3)
      rbtree
      set (~> 1.0)
    statsd-ruby (1.5.0)
    thor (1.2.1)
    thwait (0.2.0)
      e2mmap
    timecop (0.9.6)
    tzinfo (2.0.5)
      concurrent-ruby (~> 1.0)
    unicode-display_width (2.3.0)
    unicorn (6.1.0)
      kgio (~> 2.6)
      raindrops (~> 0.7)
    webmock (3.18.1)
      addressable (>= 2.8.0)
      crack (>= 0.3.2)
      hashdiff (>= 0.4.0, < 2.0.0)
    webrick (1.7.0)
    websocket (1.2.9)
    xpath (3.2.0)
      nokogiri (~> 1.8)
    zeitwerk (2.6.6)

PLATFORMS
  ruby

DEPENDENCIES
  aws-sdk-ec2
  byebug
  climate_control
  foreman
  govuk_app_config
  govuk_message_queue_consumer
  govuk_test
  plek
  pry
  rake
  rspec-core
  rspec-expectations
  rspec-mocks
  rubocop-govuk (= 4.9.0)
  simplecov
  thwait
  timecop
  webmock

BUNDLED WITH
   2.3.22
